{
	"ECGChannelCount": 0,
	"EEGChannelCount": 64,
	"EEGReference": "REF",
	"EMGChannelCount": 0,
	"EOGChannelCount": 0,
	"InstitutionAddress": "Strasse des 17. Juni 135, 10623, Berlin, Germany",
	"InstitutionName": "Technische Universitaet zu Berlin",
	"InstitutionalDepartmentName": "Biological Psychology and Neuroergonomics",
	"MiscChannelCount": 0,
	"PowerLineFrequency": "n/a",
	"RecordingDuration": 7451.347324,
	"SamplingFrequency": 500,
	"SoftwareFilters": "n/a",
	"TaskDescription": "Participants immersed in 2d Unity rooms controled their walking by four arrow buttons.",
	"TaskName": "DefaultTask",
	"TriggerChannelCount": 0
}
